GEM
  remote: https://rubygems.org/
  specs:
    ast (2.4.1)
    byebug (11.1.3)
    coderay (1.1.3)
    method_source (1.0.0)
    parallel (1.19.2)
    parser (2.7.1.4)
      ast (~> 2.4.1)
    pg (1.2.3)
    pry (0.13.1)
      coderay (~> 1.1)
      method_source (~> 1.0)
    pry-byebug (3.9.0)
      byebug (~> 11.0)
      pry (~> 0.13.0)
    rainbow (3.0.0)
    regexp_parser (1.7.1)
    rexml (3.2.4)
    rubocop (0.90.0)
      parallel (~> 1.10)
      parser (>= 2.7.1.1)
      rainbow (>= 2.2.2, < 4.0)
      regexp_parser (>= 1.7)
      rexml
      rubocop-ast (>= 0.3.0, < 1.0)
      ruby-progressbar (~> 1.7)
      unicode-display_width (>= 1.4.0, < 2.0)
    rubocop-ast (0.4.0)
      parser (>= 2.7.1.4)
    ruby-progressbar (1.10.1)
    thor (1.0.1)
    unicode-display_width (1.7.0)
    yard (0.9.25)

PLATFORMS
  ruby

DEPENDENCIES
  pg
  pry-byebug
  rubocop (~> 0.90.0)
  thor
  yard

BUNDLED WITH
   2.1.2
