GEM
  remote: https://rubygems.org/
  specs:
    pg (1.2.3)
    thor (1.0.1)

PLATFORMS
  ruby

DEPENDENCIES
  pg
  thor

BUNDLED WITH
   2.0.2
